GEM
  remote: https://rubygems.org/
  specs:
    bson (4.0.1)
    byebug (8.2.2)
    mongo (2.2.2)
      bson (~> 4.0)
    puma (2.16.0)
    rack (1.6.4)
    rack-protection (1.5.3)
      rack
    sinatra (1.4.7)
      rack (~> 1.5)
      rack-protection (~> 1.4)
      tilt (>= 1.3, < 3)
    sinatra-cross_origin (0.3.2)
    tilt (2.0.2)

PLATFORMS
  ruby

DEPENDENCIES
  byebug
  mongo (~> 2.2.2)
  puma
  sinatra (~> 1.4.7)
  sinatra-cross_origin (~> 0.3.2)

BUNDLED WITH
   1.11.2
