GEM
  remote: https://rubygems.org/
  specs:
    backports (3.6.8)
    bson (4.1.0)
    byebug (8.2.4)
    faraday (0.9.2)
      multipart-post (>= 1.2, < 3)
    hashie (3.4.3)
    jwt (1.5.1)
    mongo (2.2.4)
      bson (~> 4.0)
    multi_json (1.11.2)
    multi_xml (0.5.5)
    multipart-post (2.0.0)
    oauth2 (1.1.0)
      faraday (>= 0.8, < 0.10)
      jwt (~> 1.0, < 1.5.2)
      multi_json (~> 1.3)
      multi_xml (~> 0.5)
      rack (>= 1.2, < 3)
    omniauth (1.3.1)
      hashie (>= 1.2, < 4)
      rack (>= 1.0, < 3)
    omniauth-oauth2 (1.4.0)
      oauth2 (~> 1.0)
      omniauth (~> 1.2)
    omniauth-vkontakte (1.3.6)
      multi_json
      omniauth (~> 1.0)
      omniauth-oauth2 (~> 1.1)
    rack (1.6.4)
    rack-protection (1.5.3)
      rack
    rack-test (0.6.3)
      rack (>= 1.0)
    sinatra (1.4.7)
      rack (~> 1.5)
      rack-protection (~> 1.4)
      tilt (>= 1.3, < 3)
    sinatra-contrib (1.4.7)
      backports (>= 2.0)
      multi_json
      rack-protection
      rack-test
      sinatra (~> 1.4.0)
      tilt (>= 1.3, < 3)
    sinatra-cross_origin (0.3.2)
    tilt (2.0.2)

PLATFORMS
  ruby

DEPENDENCIES
  byebug
  mongo (~> 2.2.2)
  omniauth-vkontakte (~> 1.3.6)
  sinatra (~> 1.4.7)
  sinatra-contrib
  sinatra-cross_origin (~> 0.3.2)

BUNDLED WITH
   1.11.2
