GEM
  remote: https://rubygems.org/
  specs:
    bson (4.1.0)
    byebug (8.2.4)
    docker-api (1.28.0)
      excon (>= 0.38.0)
      json
    eventmachine (1.2.0.1)
    excon (0.49.0)
    faye-websocket (0.10.3)
      eventmachine (>= 0.12.0)
      websocket-driver (>= 0.5.1)
    ffi (1.9.10)
    json (1.8.3)
    mongo (2.2.4)
      bson (~> 4.0)
    puma (3.4.0)
    rack (1.6.4)
    rack-protection (1.5.3)
      rack
    rb-inotify (0.9.7)
      ffi (>= 0.5.0)
    sinatra (1.4.7)
      rack (~> 1.5)
      rack-protection (~> 1.4)
      tilt (>= 1.3, < 3)
    tilt (2.0.2)
    websocket-driver (0.6.3)
      websocket-extensions (>= 0.1.0)
    websocket-extensions (0.1.2)

PLATFORMS
  ruby

DEPENDENCIES
  byebug
  docker-api (~> 1.28)
  faye-websocket (~> 0.10.3)
  mongo (~> 2.2.2)
  puma (~> 3.4.0)
  rb-inotify (~> 0.9.7)
  sinatra (~> 1.4.7)

BUNDLED WITH
   1.12.1
