GEM
  remote: https://rubygems.org/
  specs:
    addressable (2.4.0)
    bson (4.1.0)
    byebug (8.2.4)
    daemons (1.2.3)
    docker-api (1.28.0)
      excon (>= 0.38.0)
      json
    em-websocket (0.3.8)
      addressable (>= 2.1.1)
      eventmachine (>= 0.12.9)
    eventmachine (1.2.0.1)
    excon (0.49.0)
    ffi (1.9.10)
    json (1.8.3)
    mongo (2.2.4)
      bson (~> 4.0)
    rack (1.6.4)
    rack-protection (1.5.3)
      rack
    rb-inotify (0.9.7)
      ffi (>= 0.5.0)
    sinatra (1.4.7)
      rack (~> 1.5)
      rack-protection (~> 1.4)
      tilt (>= 1.3, < 3)
    sinatra-websocket (0.3.1)
      em-websocket (~> 0.3.6)
      eventmachine
      thin (>= 1.3.1, < 2.0.0)
    thin (1.6.4)
      daemons (~> 1.0, >= 1.0.9)
      eventmachine (~> 1.0, >= 1.0.4)
      rack (~> 1.0)
    tilt (2.0.2)

PLATFORMS
  ruby

DEPENDENCIES
  byebug
  docker-api (~> 1.28)
  mongo (~> 2.2.2)
  rb-inotify (~> 0.9.7)
  sinatra (~> 1.4.7)
  sinatra-websocket (~> 0.3.1)

BUNDLED WITH
   1.11.2
